GIT
  remote: https://github.com/rodjek/rspec-puppet.git
  revision: c44381a240ec420d4ffda7bffc55ee4d9c08d682
  specs:
    rspec-puppet (1.0.1)
      rspec

GEM
  remote: https://rubygems.org/
  specs:
    CFPropertyList (2.3.6)
    builder (3.2.4)
    diff-lcs (1.3)
    dry-inflector (0.2.0)
    excon (0.71.0)
    facter (1.7.4)
    fission (0.5.0)
      CFPropertyList (~> 2.2)
    fog (1.41.0)
      fog-aliyun (>= 0.1.0)
      fog-atmos
      fog-aws (>= 0.6.0)
      fog-brightbox (~> 0.4)
      fog-cloudatcost (~> 0.1.0)
      fog-core (~> 1.45)
      fog-digitalocean (>= 0.3.0)
      fog-dnsimple (~> 1.0)
      fog-dynect (~> 0.0.2)
      fog-ecloud (~> 0.1)
      fog-google (<= 0.1.0)
      fog-internet-archive
      fog-joyent
      fog-json
      fog-local
      fog-openstack
      fog-powerdns (>= 0.1.1)
      fog-profitbricks
      fog-rackspace
      fog-radosgw (>= 0.0.2)
      fog-riakcs
      fog-sakuracloud (>= 0.0.4)
      fog-serverlove
      fog-softlayer
      fog-storm_on_demand
      fog-terremark
      fog-vmfusion
      fog-voxel
      fog-vsphere (>= 0.4.0)
      fog-xenserver
      fog-xml (~> 0.1.1)
      ipaddress (~> 0.5)
      json (>= 1.8, < 2.0)
    fog-aliyun (0.3.5)
      fog-core
      fog-json
      ipaddress (~> 0.8)
      xml-simple (~> 1.1)
    fog-atmos (0.1.0)
      fog-core
      fog-xml
    fog-aws (2.0.1)
      fog-core (~> 1.38)
      fog-json (~> 1.0)
      fog-xml (~> 0.1)
      ipaddress (~> 0.8)
    fog-brightbox (0.16.1)
      dry-inflector
      fog-core
      fog-json
      mime-types
    fog-cloudatcost (0.1.2)
      fog-core (~> 1.36)
      fog-json (~> 1.0)
      fog-xml (~> 0.1)
      ipaddress (~> 0.8)
    fog-core (1.45.0)
      builder
      excon (~> 0.58)
      formatador (~> 0.2)
    fog-digitalocean (0.4.0)
      fog-core
      fog-json
      fog-xml
      ipaddress (>= 0.5)
    fog-dnsimple (1.0.0)
      fog-core (~> 1.38)
      fog-json (~> 1.0)
    fog-dynect (0.0.3)
      fog-core
      fog-json
      fog-xml
    fog-ecloud (0.3.0)
      fog-core
      fog-xml
    fog-google (0.1.0)
      fog-core
      fog-json
      fog-xml
    fog-internet-archive (0.0.1)
      fog-core
      fog-json
      fog-xml
    fog-joyent (0.0.1)
      fog-core (~> 1.42)
      fog-json (>= 1.0)
    fog-json (1.2.0)
      fog-core
      multi_json (~> 1.10)
    fog-local (0.6.0)
      fog-core (>= 1.27, < 3.0)
    fog-openstack (0.3.10)
      fog-core (>= 1.45, <= 2.1.0)
      fog-json (>= 1.0)
      ipaddress (>= 0.8)
    fog-powerdns (0.2.0)
      fog-core
      fog-json
      fog-xml
    fog-profitbricks (4.1.1)
      fog-core (~> 1.42)
      fog-json (~> 1.0)
    fog-rackspace (0.1.6)
      fog-core (>= 1.35)
      fog-json (>= 1.0)
      fog-xml (>= 0.1)
      ipaddress (>= 0.8)
    fog-radosgw (0.0.5)
      fog-core (>= 1.21.0)
      fog-json
      fog-xml (>= 0.0.1)
    fog-riakcs (0.1.0)
      fog-core
      fog-json
      fog-xml
    fog-sakuracloud (1.7.5)
      fog-core
      fog-json
    fog-serverlove (0.1.2)
      fog-core
      fog-json
    fog-softlayer (1.1.4)
      fog-core
      fog-json
    fog-storm_on_demand (0.1.1)
      fog-core
      fog-json
    fog-terremark (0.1.0)
      fog-core
      fog-xml
    fog-vmfusion (0.1.0)
      fission
      fog-core
    fog-voxel (0.1.0)
      fog-core
      fog-xml
    fog-vsphere (3.2.1)
      fog-core
      rbvmomi (>= 1.9, < 3)
    fog-xenserver (1.0.0)
      fog-core
      fog-xml
      xmlrpc
    fog-xml (0.1.3)
      fog-core
      nokogiri (>= 1.5.11, < 2.0.0)
    formatador (0.2.5)
    hiera (1.3.1)
      json_pure
    hiera-puppet (1.0.0)
      hiera (~> 1.0)
    highline (1.6.20)
    ipaddress (0.8.3)
    json (1.8.1)
    json_pure (1.8.1)
    kwalify (0.7.2)
    librarian-puppet (0.9.10)
      json
      thor (~> 0.15)
    metaclass (0.0.2)
    mime-types (1.25.1)
    mocha (1.0.0)
      metaclass (~> 0.0.1)
    multi_json (1.14.1)
    net-scp (1.2.1)
      net-ssh (>= 2.6.5)
    net-ssh (2.9.4)
    nokogiri (1.5.11)
    puppet (3.4.2)
      facter (~> 1.6)
      hiera (~> 1.0)
      rgen (~> 0.6.5)
    puppet-lint (0.3.2)
    puppetlabs_spec_helper (0.4.1)
      mocha (>= 0.10.5)
      rake
      rspec (>= 2.9.0)
      rspec-puppet (>= 0.1.1)
    rake (10.1.1)
    rbvmomi (1.13.0)
      builder (~> 3.0)
      json (>= 1.8)
      nokogiri (~> 1.5)
      trollop (~> 2.1)
    rgen (0.6.6)
    rspec (2.99.0)
      rspec-core (~> 2.99.0)
      rspec-expectations (~> 2.99.0)
      rspec-mocks (~> 2.99.0)
    rspec-core (2.99.2)
    rspec-expectations (2.99.2)
      diff-lcs (>= 1.1.3, < 2.0)
    rspec-hiera-puppet (1.0.0)
      hiera (>= 1.0)
      hiera-puppet (>= 1.0)
      puppet (>= 3.0)
      rspec
      rspec-puppet
    rspec-mocks (2.99.4)
    rspec-system (2.8.0)
      fog (~> 1.18)
      kwalify (~> 0.7.2)
      mime-types (~> 1.16)
      net-scp (~> 1.1)
      net-ssh (~> 2.7)
      nokogiri (~> 1.5.10)
      rbvmomi (~> 1.6)
      rspec (~> 2.14)
      systemu (~> 2.5)
    rspec-system-puppet (2.2.1)
      rspec-system (~> 2.0)
    rspec-system-serverspec (2.0.1)
      rspec-system (~> 2.0)
      serverspec (~> 0.0)
      specinfra (~> 0.0)
    serverspec (0.14.4)
      highline
      net-ssh
      rspec (>= 2.13.0)
      specinfra (>= 0.1.0)
    specinfra (0.4.1)
    systemu (2.6.5)
    thor (0.18.1)
    trollop (2.9.10)
    xml-simple (1.1.5)
    xmlrpc (0.3.0)

PLATFORMS
  ruby

DEPENDENCIES
  librarian-puppet (>= 0.9.10)
  puppet (>= 2.7.0)
  puppet-lint (>= 0.3.2)
  puppetlabs_spec_helper (>= 0.2.0)
  rake (>= 0.9.2.2)
  rspec-hiera-puppet
  rspec-puppet!
  rspec-system-puppet
  rspec-system-serverspec
  serverspec
