GEM
  remote: https://rubygems.org/
  specs:
    concurrent-ruby (1.1.9)
    deep_merge (1.2.1)
    diff-lcs (1.4.4)
    facter (4.2.5)
      hocon (~> 1.3)
      thor (>= 1.0.1, < 2.0)
    faraday (0.17.3)
      multipart-post (>= 1.2, < 3)
    faraday_middleware (0.14.0)
      faraday (>= 0.7.4, < 1.0)
    fast_gettext (1.1.2)
    gettext (3.2.9)
      locale (>= 2.0.5)
      text (>= 1.3.0)
    gettext-setup (0.34)
      fast_gettext (~> 1.1.0)
      gettext (>= 3.0.2, < 3.3.0)
      locale
    hiera (3.7.0)
    hiera-puppet (1.0.0rc3)
      hiera (>= 1.0.0rc)
    hocon (1.3.1)
    httpclient (2.8.3)
    librarian-puppet (3.0.0)
      librarianp (>= 0.6.3)
      puppet_forge (~> 2.1)
      rsync
    librarianp (1.0.0)
      thor (~> 1.0)
    locale (2.1.3)
    minitar (0.9)
    mocha (1.11.2)
    multi_json (1.15.0)
    multipart-post (2.1.1)
    pathspec (0.2.1)
    puppet (6.25.1)
      concurrent-ruby (~> 1.0)
      deep_merge (~> 1.0)
      facter (> 2.0.1, < 5)
      fast_gettext (~> 1.1)
      hiera (>= 3.2.1, < 4)
      httpclient (~> 2.8)
      locale (~> 2.1)
      multi_json (~> 1.10)
      puppet-resource_api (~> 1.5)
      semantic_puppet (~> 1.0)
    puppet-lint (2.4.2)
    puppet-resource_api (1.8.14)
      hocon (>= 1.0)
    puppet-syntax (3.1.0)
      puppet (>= 5)
      rake
    puppet_forge (2.3.4)
      faraday (>= 0.9.0, < 0.18.0, != 0.13.1)
      faraday_middleware (>= 0.9.0, < 0.15.0)
      gettext-setup (~> 0.11)
      minitar
      semantic_puppet (~> 1.0)
    puppetlabs_spec_helper (2.15.0)
      mocha (~> 1.0)
      pathspec (~> 0.2.1)
      puppet-lint (~> 2.0)
      puppet-syntax (>= 2.0, < 4)
      rspec-puppet (~> 2.0)
    rake (13.0.1)
    rspec (3.9.0)
      rspec-core (~> 3.9.0)
      rspec-expectations (~> 3.9.0)
      rspec-mocks (~> 3.9.0)
    rspec-core (3.9.2)
      rspec-support (~> 3.9.3)
    rspec-expectations (3.9.2)
      diff-lcs (>= 1.2.0, < 2.0)
      rspec-support (~> 3.9.0)
    rspec-hiera-puppet (0.3.0)
      hiera (>= 0.3)
      hiera-puppet (>= 0.3)
      puppet (>= 2.7)
      rspec
      rspec-puppet
    rspec-mocks (3.9.1)
      diff-lcs (>= 1.2.0, < 2.0)
      rspec-support (~> 3.9.0)
    rspec-puppet (2.7.10)
      rspec
    rspec-support (3.9.3)
    rsync (1.0.9)
    semantic_puppet (1.0.4)
    text (1.3.1)
    thor (1.1.0)

PLATFORMS
  ruby

DEPENDENCIES
  librarian-puppet
  puppet
  puppet-lint
  puppetlabs_spec_helper
  rake
  rspec-hiera-puppet
  rspec-puppet

BUNDLED WITH
   1.17.2
